{
  "Modality": "MR",
  "MagneticFieldStrength": 3,
  "ImagingFrequency": 123.262431,
  "Manufacturer": "Siemens",
  "ManufacturersModelName": "MAGNETOM Prisma",
  "InstitutionName": "Centrum Badan Mozgu UJ",
  "InstitutionAddress": "ul. Mikolaja Kopernika 50,Krakow,,PL,31-501",
  "DeviceSerialNumber": "166301",
  "BodyPartExamined": "BRAIN",
  "PatientPosition": "HFS",
  "ProcedureStepDescription": "PROJEKTY WOLNA",
  "SoftwareVersions": "syngo MR XA30",
  "MRAcquisitionType": "2D",
  "SeriesDescription": "gre_field_mapping",
  "ProtocolName": "gre_field_mapping",
  "ScanningSequence": "GR",
  "SequenceVariant": "SP",
  "PulseSequenceName": "*fm2d2r",
  "ImageType": [
    "ORIGINAL",
    "PRIMARY",
    "M",
    "NONE"
  ],
  "ImageTypeText": [
    "ORIGINAL",
    "PRIMARY",
    "M",
    "DIS2D"
  ],
  "NonlinearGradientCorrection": true,
  "SeriesNumber": 15,
  "AcquisitionTime": "15:48:23.775000",
  "AcquisitionNumber": 1,
  "SliceThickness": 3,
  "SpacingBetweenSlices": 3,
  "EchoNumber": 1,
  "EchoTime": 0.00492,
  "RepetitionTime": 0.485,
  "MTState": false,
  "FlipAngle": 60,
  "PartialFourier": 1,
  "BaseResolution": 64,
  "ShimSetting": [
    -41,
    -6031,
    -5412,
    264,
    -24,
    -243,
    -16,
    56
  ],
  "TxRefAmp": 251.487,
  "PhaseResolution": 1,
  "ReceiveCoilName": "HeadNeck_64",
  "ReceiveCoilActiveElements": "HC1-7;NC1",
  "CoilString": "HeadNeck_64",
  "PulseSequenceDetails": "%SiemensSeq%\\gre_field_mapping",
  "CoilCombinationMethod": "Sum of Squares",
  "MatrixCoilMode": "SENSE",
  "PercentPhaseFOV": 100,
  "PercentSampling": 100,
  "PhaseEncodingSteps": 64,
  "FrequencyEncodingSteps": 64,
  "AcquisitionMatrixPE": 64,
  "ReconMatrixPE": 64,
  "AcquisitionDuration": 61.585,
  "PixelBandwidth": 601,
  "DwellTime": 1.3e-05,
  "PhaseEncodingDirection": "i",
  "SliceTiming": [
    0.2425,
    0,
    0.2525,
    0.01,
    0.26,
    0.0175,
    0.27,
    0.0275,
    0.28,
    0.0375,
    0.29,
    0.0475,
    0.3,
    0.0575,
    0.31,
    0.0675,
    0.32,
    0.0775,
    0.33,
    0.0875,
    0.3375,
    0.095,
    0.3475,
    0.105,
    0.3575,
    0.115,
    0.3675,
    0.125,
    0.3775,
    0.135,
    0.3875,
    0.145,
    0.3975,
    0.155,
    0.4075,
    0.165,
    0.415,
    0.1725,
    0.425,
    0.1825,
    0.435,
    0.1925,
    0.445,
    0.2025,
    0.455,
    0.2125,
    0.465,
    0.2225,
    0.475,
    0.2325
  ],
  "ImageOrientationPatientDICOM": [
    0.982432,
    0.184608,
    0.0273439,
    -0.173052,
    0.956016,
    -0.236826
  ],
  "InPlanePhaseEncodingDirectionDICOM": "ROW",
  "ConversionSoftware": "dcm2niix",
  "ConversionSoftwareVersion": "v1.0.20230411",
  "IntendedFor": [
    "func/sub-WF29021_task-AliceLocalizer_run-1_bold.nii.gz",
    "func/sub-WF29021_task-AliceLocalizer_run-2_bold.nii.gz",
    "func/sub-WF29021_task-readingS_run-2_bold.nii.gz",
    "func/sub-WF29021_task-readingS_run-3_bold.nii.gz",
    "func/sub-WF29021_task-readingS_run-4_bold.nii.gz",
    "func/sub-WF29021_task-TOM_run-1_bold.nii.gz",
    "func/sub-WF29021_task-TOM_run-2_bold.nii.gz",
    "func/sub-WF29021_task-VisualWM_run-1_bold.nii.gz",
    "func/sub-WF29021_task-VisualWM_run-2_bold.nii.gz"
  ]
}
