{
  "Modality": "MR",
  "MagneticFieldStrength": 3,
  "ImagingFrequency": 123.262384,
  "Manufacturer": "Siemens",
  "ManufacturersModelName": "MAGNETOM Prisma",
  "InstitutionName": "Centrum Badan Mozgu UJ",
  "InstitutionAddress": "ul. Mikolaja Kopernika 50,Krakow,,PL,31-501",
  "DeviceSerialNumber": "166301",
  "BodyPartExamined": "BRAIN",
  "PatientPosition": "HFS",
  "ProcedureStepDescription": "PROJEKTY WOLNA",
  "SoftwareVersions": "syngo MR XA30",
  "MRAcquisitionType": "2D",
  "SeriesDescription": "gre_field_mapping",
  "ProtocolName": "gre_field_mapping",
  "ScanningSequence": "GR",
  "SequenceVariant": "SP",
  "PulseSequenceName": "*fm2d2r",
  "ImageType": [
    "ORIGINAL",
    "PRIMARY",
    "M",
    "NONE"
  ],
  "ImageTypeText": [
    "ORIGINAL",
    "PRIMARY",
    "M",
    "DIS2D"
  ],
  "NonlinearGradientCorrection": true,
  "SeriesNumber": 6,
  "AcquisitionTime": "11:14:27.120000",
  "AcquisitionNumber": 1,
  "SliceThickness": 3,
  "SpacingBetweenSlices": 3,
  "EchoNumber": 2,
  "EchoTime": 0.00738,
  "RepetitionTime": 0.485,
  "MTState": false,
  "FlipAngle": 60,
  "PartialFourier": 1,
  "BaseResolution": 64,
  "ShimSetting": [
    -10,
    -6047,
    -5423,
    365,
    59,
    -310,
    27,
    -73
  ],
  "TxRefAmp": 246.769,
  "PhaseResolution": 1,
  "ReceiveCoilName": "HeadNeck_64",
  "ReceiveCoilActiveElements": "HC1-7",
  "CoilString": "HeadNeck_64",
  "PulseSequenceDetails": "%SiemensSeq%\\gre_field_mapping",
  "CoilCombinationMethod": "Sum of Squares",
  "MatrixCoilMode": "SENSE",
  "PercentPhaseFOV": 100,
  "PercentSampling": 100,
  "PhaseEncodingSteps": 64,
  "FrequencyEncodingSteps": 64,
  "AcquisitionMatrixPE": 64,
  "ReconMatrixPE": 64,
  "AcquisitionDuration": 61.587,
  "PixelBandwidth": 601,
  "DwellTime": 1.3e-05,
  "PhaseEncodingDirection": "i",
  "SliceTiming": [
    0.2425,
    0,
    0.2525,
    0.01,
    0.2625,
    0.02,
    0.2725,
    0.03,
    0.2825,
    0.04,
    0.2925,
    0.05,
    0.3025,
    0.06,
    0.3125,
    0.07,
    0.32,
    0.0775,
    0.33,
    0.0875,
    0.34,
    0.0975,
    0.35,
    0.1075,
    0.36,
    0.1175,
    0.37,
    0.1275,
    0.38,
    0.1375,
    0.39,
    0.1475,
    0.3975,
    0.155,
    0.4075,
    0.165,
    0.4175,
    0.175,
    0.4275,
    0.185,
    0.4375,
    0.195,
    0.4475,
    0.205,
    0.4575,
    0.215,
    0.4675,
    0.225,
    0.4775,
    0.235
  ],
  "ImageOrientationPatientDICOM": [
    0.991512,
    -0.0345434,
    0.125344,
    0.0524835,
    0.988362,
    -0.142781
  ],
  "InPlanePhaseEncodingDirectionDICOM": "ROW",
  "ConversionSoftware": "dcm2niix",
  "ConversionSoftwareVersion": "v1.0.20230411",
  "IntendedFor": "func/sub-WF29026_task-readingS_run-1_bold.nii.gz"
}
