{
  "Modality": "MR",
  "MagneticFieldStrength": 3,
  "ImagingFrequency": 123.26238,
  "Manufacturer": "Siemens",
  "ManufacturersModelName": "MAGNETOM Prisma",
  "InstitutionName": "Centrum Badan Mozgu UJ",
  "InstitutionAddress": "ul. Mikolaja Kopernika 50,Krakow,,PL,31-501",
  "DeviceSerialNumber": "166301",
  "StationName": "AWP166301",
  "BodyPartExamined": "BRAIN",
  "PatientPosition": "HFS",
  "ProcedureStepDescription": "PROJEKTY WOLNA",
  "SoftwareVersions": "syngo MR XA30",
  "MRAcquisitionType": "2D",
  "SeriesDescription": "gre_field_mapping",
  "ProtocolName": "gre_field_mapping",
  "ScanningSequence": "GR",
  "SequenceVariant": "SP",
  "PulseSequenceName": "*fm2d2r",
  "ImageType": [
    "ORIGINAL",
    "PRIMARY",
    "P",
    "NONE",
    "PHASE"
  ],
  "ImageTypeText": [
    "ORIGINAL",
    "PRIMARY",
    "P",
    "DIS2D"
  ],
  "NonlinearGradientCorrection": true,
  "SeriesNumber": 7,
  "AcquisitionTime": "15:29:58.120000",
  "AcquisitionNumber": 1,
  "SliceThickness": 3,
  "SpacingBetweenSlices": 3,
  "EchoNumber": 2,
  "EchoTime": 0.00738,
  "RepetitionTime": 0.485,
  "MTState": false,
  "FlipAngle": 60,
  "EchoTime1": 0.00492,
  "EchoTime2": 0.00738,
  "PartialFourier": 1,
  "BaseResolution": 64,
  "ShimSetting": [
    -43,
    -6074,
    -5337,
    428,
    -2,
    -258,
    -38,
    38
  ],
  "TxRefAmp": 224.22,
  "PhaseResolution": 1,
  "ReceiveCoilName": "HeadNeck_64",
  "ReceiveCoilActiveElements": "HC1-6",
  "CoilString": "HeadNeck_64",
  "PulseSequenceDetails": "%SiemensSeq%\\gre_field_mapping",
  "CoilCombinationMethod": "Sum of Squares",
  "MatrixCoilMode": "SENSE",
  "PercentPhaseFOV": 100,
  "PercentSampling": 100,
  "PhaseEncodingSteps": 64,
  "FrequencyEncodingSteps": 64,
  "AcquisitionMatrixPE": 64,
  "ReconMatrixPE": 64,
  "AcquisitionDuration": 61.585,
  "PixelBandwidth": 601,
  "DwellTime": 1.3e-05,
  "PhaseEncodingDirection": "i",
  "SliceTiming": [
    0.2425,
    0,
    0.2525,
    0.01,
    0.2625,
    0.02,
    0.2725,
    0.03,
    0.2825,
    0.04,
    0.29,
    0.0475,
    0.3,
    0.0575,
    0.31,
    0.0675,
    0.32,
    0.0775,
    0.33,
    0.0875,
    0.34,
    0.0975,
    0.35,
    0.1075,
    0.36,
    0.1175,
    0.3675,
    0.125,
    0.3775,
    0.135,
    0.3875,
    0.145,
    0.3975,
    0.155,
    0.4075,
    0.165,
    0.4175,
    0.175,
    0.4275,
    0.185,
    0.4375,
    0.195,
    0.4475,
    0.205,
    0.455,
    0.2125,
    0.465,
    0.2225,
    0.475,
    0.2325
  ],
  "ImageOrientationPatientDICOM": [
    0.994836,
    0.101499,
    -0.000215938,
    -0.101403,
    0.993977,
    0.0415606
  ],
  "InPlanePhaseEncodingDirectionDICOM": "ROW",
  "ConversionSoftware": "dcm2niix",
  "ConversionSoftwareVersion": "v1.0.20230411",
  "IntendedFor": [
    "func/sub-WF29012_task-AliceLocalizer_run-1_bold.nii.gz",
    "func/sub-WF29012_task-AliceLocalizer_run-2_bold.nii.gz",
    "func/sub-WF29012_task-readingS_run-1_bold.nii.gz",
    "func/sub-WF29012_task-readingS_run-2_bold.nii.gz",
    "func/sub-WF29012_task-readingS_run-3_bold.nii.gz",
    "func/sub-WF29012_task-readingS_run-4_bold.nii.gz",
    "func/sub-WF29012_task-TOM_run-1_bold.nii.gz",
    "func/sub-WF29012_task-TOM_run-2_bold.nii.gz",
    "func/sub-WF29012_task-VisualWM_run-1_bold.nii.gz",
    "func/sub-WF29012_task-VisualWM_run-2_bold.nii.gz"
  ]
}
