{
  "Modality": "MR",
  "MagneticFieldStrength": 3,
  "ImagingFrequency": 123.262386,
  "Manufacturer": "Siemens",
  "ManufacturersModelName": "MAGNETOM Prisma",
  "InstitutionName": "Centrum Badan Mozgu UJ",
  "InstitutionAddress": "ul. Mikolaja Kopernika 50,Krakow,,PL,31-501",
  "DeviceSerialNumber": "166301",
  "StationName": "AWP166301",
  "BodyPartExamined": "BRAIN",
  "PatientPosition": "HFS",
  "ProcedureStepDescription": "PROJEKTY WOLNA",
  "SoftwareVersions": "syngo MR XA30",
  "MRAcquisitionType": "2D",
  "SeriesDescription": "readingS_run-1",
  "ProtocolName": "readingS_run-1",
  "ScanningSequence": "EP",
  "SequenceVariant": "SK\\SS",
  "ScanOptions": "FS",
  "PulseSequenceName": "epfid2d1_64",
  "ImageType": [
    "ORIGINAL",
    "PRIMARY",
    "FMRI",
    "NONE"
  ],
  "ImageTypeText": [
    "ORIGINAL",
    "PRIMARY",
    "M",
    "MB",
    "NORM",
    "DIS2D"
  ],
  "NonlinearGradientCorrection": true,
  "SeriesNumber": 16,
  "AcquisitionTime": "13:39:13.010000",
  "AcquisitionNumber": 1,
  "ImageComments": "Unaliased MB2/PE4/LB",
  "SliceThickness": 3,
  "SpacingBetweenSlices": 3,
  "EchoTime": 0.027,
  "RepetitionTime": 1.4,
  "MTState": false,
  "FlipAngle": 70,
  "PartialFourier": 1,
  "BaseResolution": 64,
  "ShimSetting": [
    -38,
    -6025,
    -5469,
    364,
    30,
    -328,
    44,
    39
  ],
  "TxRefAmp": 244.365,
  "PhaseResolution": 1,
  "ReceiveCoilName": "HeadNeck_64",
  "ReceiveCoilActiveElements": "HC1-6",
  "CoilString": "HeadNeck_64",
  "PulseSequenceDetails": "%CustomerSeq%\\cmrr_mbep2d_bold",
  "WipMemBlock": "e292abb4-29cf-44a8-b497-5e814e494ab3||Sequence: R017 nxva30a/master r/d34922cc2+; Jun 27 2022 13:20:16 by eja",
  "RefLinesPE": 24,
  "CoilCombinationMethod": "Sum of Squares",
  "MatrixCoilMode": "GRAPPA",
  "MultibandAccelerationFactor": 2,
  "PercentPhaseFOV": 100,
  "PercentSampling": 100,
  "EchoTrainLength": 31,
  "PhaseEncodingSteps": 64,
  "FrequencyEncodingSteps": 64,
  "AcquisitionMatrixPE": 64,
  "ReconMatrixPE": 64,
  "BandwidthPerPixelPhaseEncode": 41.667,
  "ParallelReductionFactorInPlane": 2,
  "ParallelAcquisitionTechnique": "GRAPPA",
  "EffectiveEchoSpacing": 0.000374997,
  "DerivedVendorReportedEchoSpacing": 0.000749994,
  "AcquisitionDuration": 674.325,
  "TotalReadoutTime": 0.0236248,
  "PixelBandwidth": 1502,
  "DwellTime": 5.2e-06,
  "PhaseEncodingDirection": "j-",
  "SliceTiming": [
    0,
    0.7175,
    0.055,
    0.7725,
    0.11,
    0.8275,
    0.165,
    0.8825,
    0.22,
    0.9375,
    0.275,
    0.9925,
    0.33,
    1.0475,
    0.3875,
    1.105,
    0.4425,
    1.16,
    0.4975,
    1.215,
    0.5525,
    1.27,
    0.6075,
    1.325,
    0.6625,
    0,
    0.7175,
    0.055,
    0.7725,
    0.11,
    0.8275,
    0.165,
    0.8825,
    0.22,
    0.9375,
    0.275,
    0.9925,
    0.33,
    1.0475,
    0.3875,
    1.105,
    0.4425,
    1.16,
    0.4975,
    1.215,
    0.5525,
    1.27,
    0.6075,
    1.325,
    0.6625
  ],
  "ImageOrientationPatientDICOM": [
    0.999693,
    0.0245477,
    -0.00349682,
    -0.0246066,
    0.999536,
    -0.0179325
  ],
  "InPlanePhaseEncodingDirectionDICOM": "COL",
  "ConversionSoftware": "dcm2niix",
  "ConversionSoftwareVersion": "v1.0.20230411",
  "TaskName": "readingS"
}
